GEM
  specs:
    minitest (5.20.0)
    rake (13.0.1)

PLATFORMS
  ruby

DEPENDENCIES
  minitest
  rake

BUNDLED WITH
   2.1.4
